GEM
  remote: http://rubygems.org/
  specs:
    compass (1.0.3)
    sass (3.2.18)

PLATFORMS
  ruby
  x64-mingw32

DEPENDENCIES
  compass
  sass

BUNDLED WITH
   1.10.6
