GEM
  remote: http://rubygems.org/
  specs:
    compass (1.0.3)
    sass (3.4.5)

PLATFORMS
  ruby

DEPENDENCIES
  compass
  sass

BUNDLED WITH
   1.10.6
